GIT
  remote: https://github.com/pry/pry.git
  revision: 272b3290b5250d28ee82a5ff65aa3b29b825e37b
  ref: 272b3290b5250d28ee82a5ff65aa3b29b825e37b
  specs:
    pry (0.12.2)
      coderay (~> 1.1.0)
      method_source (~> 0.9.0)

GEM
  remote: https://rubygems.org/
  specs:
    byebug (11.1.1)
    coderay (1.1.2)
    database_cleaner (1.8.3)
    ffi (1.12.2)
    formatador (0.2.5)
    guard (2.16.1)
      formatador (>= 0.2.4)
      listen (>= 2.7, < 4.0)
      lumberjack (>= 1.0.12, < 2.0)
      nenv (~> 0.1)
      notiffany (~> 0.0)
      pry (>= 0.9.12)
      shellany (~> 0.0)
      thor (>= 0.18.1)
    guard-compat (1.2.1)
    guard-minitest (2.4.6)
      guard-compat (~> 1.2)
      minitest (>= 3.0)
    listen (3.1.5)
      rb-fsevent (~> 0.9, >= 0.9.4)
      rb-inotify (~> 0.9, >= 0.9.7)
      ruby_dep (~> 1.2)
    lumberjack (1.2.4)
    method_source (0.9.2)
    minitest (5.14.0)
    nenv (0.3.0)
    net-sftp (2.1.2)
      net-ssh (>= 2.6.5)
    net-ssh (5.2.0)
    notiffany (0.1.3)
      nenv (~> 0.1)
      shellany (~> 0.0)
    pg (1.2.2)
    rake (12.3.3)
    rb-fsevent (0.10.3)
    rb-inotify (0.10.1)
      ffi (~> 1.0)
    ruby_dep (1.5.0)
    rubyzip (2.2.0)
    shellany (0.0.1)
    thor (1.0.1)

PLATFORMS
  ruby

DEPENDENCIES
  byebug
  database_cleaner
  guard
  guard-minitest
  listen (>= 3.0.5, < 3.2)
  minitest (~> 5.8, >= 5.8.4)
  net-sftp (~> 2.1.2)
  pg (>= 0.18, < 2.0)
  pry!
  rake (~> 12.3)
  rubyzip
  tzinfo-data

RUBY VERSION
   ruby 2.7.0p0

BUNDLED WITH
   2.1.2
